GEM
  remote: https://rubygems.org/
  specs:
    claide (0.6.1)

PLATFORMS
  ruby

DEPENDENCIES
  claide
